GEM
  remote: https://rubygems.org/
  specs:
    aws-eventstream (1.0.1)
    aws-partitions (1.94.0)
    aws-sdk-core (3.22.1)
      aws-eventstream (~> 1.0)
      aws-partitions (~> 1.0)
      aws-sigv4 (~> 1.0)
      jmespath (~> 1.0)
    aws-sdk-iam (1.5.0)
      aws-sdk-core (~> 3)
      aws-sigv4 (~> 1.0)
    aws-sigv4 (1.0.3)
    coderay (1.1.2)
    garrison-api (1.0.7)
      httparty (~> 0.16.2)
    httparty (0.16.2)
      multi_xml (>= 0.5.2)
    jmespath (1.4.0)
    method_source (0.9.2)
    multi_xml (0.6.0)
    pry (0.12.2)
      coderay (~> 1.1.0)
      method_source (~> 0.9.0)

PLATFORMS
  ruby

DEPENDENCIES
  aws-sdk-iam (~> 1)
  garrison-api (~> 1)
  pry

BUNDLED WITH
   1.16.1
